GEM
  remote: https://rubygems.org/
  specs:
    activesupport (6.0.2.2)
      concurrent-ruby (~> 1.0, >= 1.0.2)
      i18n (>= 0.7, < 2)
      minitest (~> 5.1)
      tzinfo (~> 1.1)
      zeitwerk (~> 2.2)
    ast (2.4.0)
    concurrent-ruby (1.1.6)
    diff-lcs (1.3)
    factory_bot (5.1.2)
      activesupport (>= 4.2.0)
    i18n (1.8.2)
      concurrent-ruby (~> 1.0)
    jaro_winkler (1.5.4)
    minitest (5.14.0)
    parallel (1.19.1)
    parser (2.7.1.0)
      ast (~> 2.4.0)
    rainbow (3.0.0)
    rexml (3.2.5)
    rspec (3.9.0)
      rspec-core (~> 3.9.0)
      rspec-expectations (~> 3.9.0)
      rspec-mocks (~> 3.9.0)
    rspec-core (3.9.1)
      rspec-support (~> 3.9.1)
    rspec-expectations (3.9.1)
      diff-lcs (>= 1.2.0, < 2.0)
      rspec-support (~> 3.9.0)
    rspec-mocks (3.9.1)
      diff-lcs (>= 1.2.0, < 2.0)
      rspec-support (~> 3.9.0)
    rspec-support (3.9.2)
    rubocop (0.81.0)
      jaro_winkler (~> 1.5.1)
      parallel (~> 1.10)
      parser (>= 2.7.0.1)
      rainbow (>= 2.2.2, < 4.0)
      rexml
      ruby-progressbar (~> 1.7)
      unicode-display_width (>= 1.4.0, < 2.0)
    ruby-progressbar (1.10.1)
    sorbet (0.5.5480)
      sorbet-static (= 0.5.5480)
    sorbet-runtime (0.5.5480)
    sorbet-static (0.5.5480-universal-darwin-14)
    sorbet-static (0.5.5480-universal-darwin-15)
    sorbet-static (0.5.5480-universal-darwin-16)
    sorbet-static (0.5.5480-universal-darwin-17)
    sorbet-static (0.5.5480-universal-darwin-18)
    sorbet-static (0.5.5480-universal-darwin-19)
    sorbet-static (0.5.5480-x86_64-linux)
    thread_safe (0.3.6)
    tzinfo (1.2.7)
      thread_safe (~> 0.1)
    unicode-display_width (1.7.0)
    zeitwerk (2.3.0)

PLATFORMS
  ruby

DEPENDENCIES
  factory_bot
  rspec
  rubocop
  sorbet
  sorbet-runtime

BUNDLED WITH
   2.1.4
